GIT
  remote: https://github.com/stephenbinns/entity_store.git
  revision: 3a5f75c2219c6e7aec31346c98056057486f63a2
  branch: master
  specs:
    entity_store (0.6.0)
      bson (~> 1.8)
      hatchet (~> 0.2)
      mongo (~> 1.8)

PATH
  remote: .
  specs:
    mongo_entity_store (0.1.0)
      bson (~> 1.8)
      entity_store
      hatchet (~> 0.2)
      mongo (~> 1.8)

GEM
  remote: http://rubygems.org/
  specs:
    bson (1.12.5)
    celluloid (0.15.2)
      timers (~> 1.1.0)
    coderay (1.1.0)
    diff-lcs (1.2.5)
    ffi (1.9.3)
    formatador (0.2.4)
    growl (1.0.3)
    guard (2.6.1)
      formatador (>= 0.2.4)
      listen (~> 2.7)
      lumberjack (~> 1.0)
      pry (>= 0.9.12)
      thor (>= 0.18.1)
    guard-rspec (4.2.9)
      guard (~> 2.1)
      rspec (>= 2.14, < 4.0)
    hatchet (0.2.8)
    listen (2.7.5)
      celluloid (>= 0.15.2)
      rb-fsevent (>= 0.9.3)
      rb-inotify (>= 0.9)
    lumberjack (1.0.5)
    method_source (0.8.2)
    mongo (1.12.5)
      bson (= 1.12.5)
    pry (0.9.12.6)
      coderay (~> 1.0)
      method_source (~> 0.8)
      slop (~> 3.4)
    rake (10.3.2)
    rb-fsevent (0.9.4)
    rb-inotify (0.9.4)
      ffi (>= 0.5.0)
    rspec (2.14.1)
      rspec-core (~> 2.14.0)
      rspec-expectations (~> 2.14.0)
      rspec-mocks (~> 2.14.0)
    rspec-core (2.14.8)
    rspec-expectations (2.14.5)
      diff-lcs (>= 1.1.3, < 2.0)
    rspec-mocks (2.14.6)
    slop (3.5.0)
    thor (0.19.1)
    timers (1.1.0)

PLATFORMS
  ruby

DEPENDENCIES
  entity_store!
  growl
  guard-rspec
  hatchet
  mongo_entity_store!
  rake
  rb-fsevent (~> 0.9.1)
  rspec

BUNDLED WITH
   1.12.5
