PATH
  remote: .
  specs:
    mongo_entity_store (0.1.0)
      bson (~> 1.8)
      entity_store (~> 1.0)
      hatchet (~> 0.2)
      mongo (~> 1.8)

GEM
  remote: https://rubygems.org/
  specs:
    bson (1.12.5)
    diff-lcs (1.3)
    entity_store (1.0.0)
      bson (~> 1.8)
      hatchet (~> 0.2)
    hatchet (0.2.11)
    mongo (1.12.5)
      bson (= 1.12.5)
    rake (13.0.3)
    rspec (3.7.0)
      rspec-core (~> 3.7.0)
      rspec-expectations (~> 3.7.0)
      rspec-mocks (~> 3.7.0)
    rspec-core (3.7.1)
      rspec-support (~> 3.7.0)
    rspec-expectations (3.7.0)
      diff-lcs (>= 1.2.0, < 2.0)
      rspec-support (~> 3.7.0)
    rspec-mocks (3.7.0)
      diff-lcs (>= 1.2.0, < 2.0)
      rspec-support (~> 3.7.0)
    rspec-support (3.7.0)

PLATFORMS
  ruby

DEPENDENCIES
  hatchet
  mongo_entity_store!
  rake
  rspec

BUNDLED WITH
   1.16.1
